GEM
  remote: http://rubygems.org/
  specs:
    addressable (2.8.0)
      public_suffix (>= 2.0.2, < 5.0)
    json-schema (2.8.1)
      addressable (>= 2.4)
    mocha (1.13.0)
    murmurhash3 (0.1.6)
    public_suffix (3.1.1)

PLATFORMS
  ruby

DEPENDENCIES
  json-schema (~> 2.8.1)
  mocha (~> 1.13)
  murmurhash3 (~> 0.1.6)

BUNDLED WITH
   1.17.3
